PATH
  remote: .
  specs:
    sec_query (1.0.3)
      hpricot
      rest-client

GEM
  remote: http://rubygems.org/
  specs:
    addressable (2.3.5)
    ast (1.1.0)
    crack (0.4.1)
      safe_yaml (~> 0.9.0)
    diff-lcs (1.2.5)
    hpricot (0.8.6)
    json (1.8.1)
    mime-types (1.25.1)
    parser (2.1.7)
      ast (~> 1.1)
      slop (~> 3.4, >= 3.4.5)
    powerpack (0.0.9)
    rainbow (2.0.0)
    rest-client (1.6.7)
      mime-types (>= 1.16)
    rspec (2.14.1)
      rspec-core (~> 2.14.0)
      rspec-expectations (~> 2.14.0)
      rspec-mocks (~> 2.14.0)
    rspec-core (2.14.8)
    rspec-expectations (2.14.5)
      diff-lcs (>= 1.1.3, < 2.0)
    rspec-mocks (2.14.6)
    rubocop (0.20.1)
      json (>= 1.7.7, < 2)
      parser (~> 2.1.7)
      powerpack (~> 0.0.6)
      rainbow (>= 1.99.1, < 3.0)
      ruby-progressbar (~> 1.4)
    ruby-progressbar (1.4.2)
    safe_yaml (0.9.7)
    slop (3.5.0)
    vcr (2.6.0)
    webmock (1.13.0)
      addressable (>= 2.2.7)
      crack (>= 0.3.2)

PLATFORMS
  ruby

DEPENDENCIES
  rspec (>= 2.14)
  rubocop
  sec_query!
  vcr
  webmock
